PATH
  remote: .
  specs:
    rekey (4.0.0)
      pluckit

GEM
  remote: https://rubygems.org/
  specs:
    codecov (0.6.0)
      simplecov (>= 0.15, < 0.22)
    docile (1.4.0)
    minitest (5.15.0)
    pluckit (1.1.0)
    rake (13.0.6)
    simplecov (0.21.2)
      docile (~> 1.1)
      simplecov-html (~> 0.11)
      simplecov_json_formatter (~> 0.1)
    simplecov-html (0.12.3)
    simplecov_json_formatter (0.1.4)

PLATFORMS
  ruby

DEPENDENCIES
  codecov
  minitest
  rake
  rekey!
  simplecov

BUNDLED WITH
   2.3.6
