PATH
  remote: .
  specs:
    rekey (4.0.0)
      pluckit

GEM
  remote: https://rubygems.org/
  specs:
    minitest (5.15.0)
    pluckit (1.1.0)
    rake (13.0.6)

PLATFORMS
  ruby

DEPENDENCIES
  minitest
  rake
  rekey!

BUNDLED WITH
   2.3.6
